GEM
  remote: https://rubygems.org/
  specs:
    asciidoctor (1.5.7.1)
    asciidoctor-diagram (1.5.9)
      asciidoctor (~> 1.5.0)
    ast (2.4.0)
    byebug (10.0.2)
    childprocess (0.9.0)
      ffi (~> 1.0, >= 1.0.11)
    coolline (0.5.0)
      unicode_utils (~> 1.4)
    ffi (1.9.25)
    iniparse (1.4.4)
    jaro_winkler (1.5.1)
    overcommit (0.45.0)
      childprocess (~> 0.6, >= 0.6.3)
      iniparse (~> 1.4)
    parallel (1.12.1)
    parser (2.5.1.2)
      ast (~> 2.4.0)
    powerpack (0.1.2)
    pry-coolline (0.2.5)
      coolline (~> 0.5)
    rainbow (3.0.0)
    rubocop (0.58.2)
      jaro_winkler (~> 1.5.1)
      parallel (~> 1.10)
      parser (>= 2.5, != 2.5.1.1)
      powerpack (~> 0.1)
      rainbow (>= 2.2.2, < 4.0)
      ruby-progressbar (~> 1.7)
      unicode-display_width (~> 1.0, >= 1.0.1)
    ruby-progressbar (1.10.0)
    unicode-display_width (1.4.0)
    unicode_utils (1.4.0)
    yard (0.9.15)

PLATFORMS
  ruby

DEPENDENCIES
  asciidoctor
  asciidoctor-diagram
  byebug
  overcommit
  pry-coolline
  rubocop
  yard

BUNDLED WITH
   1.16.3
